GEM
  remote: https://rubygems.org/
  specs:
    builder (3.2.2)
    json (1.8.3)
    mini_portile (0.6.2)
    nokogiri (1.6.6.2)
      mini_portile (~> 0.6.0)
    nokogiri (1.6.6.2-x64-mingw32)
      mini_portile (~> 0.6.0)

PLATFORMS
  ruby
  x64-mingw32

DEPENDENCIES
  builder
  json
  nokogiri

BUNDLED WITH
   1.10.4
